GEM
  remote: https://rubygems.org/
  specs:
    activesupport (7.1.5.1)
      base64
      benchmark (>= 0.3)
      bigdecimal
      concurrent-ruby (~> 1.0, >= 1.0.2)
      connection_pool (>= 2.2.5)
      drb
      i18n (>= 1.6, < 2)
      logger (>= 1.4.2)
      minitest (>= 5.1)
      mutex_m
      securerandom (>= 0.3)
      tzinfo (~> 2.0)
    ast (2.4.2)
    base64 (0.2.0)
    benchmark (0.4.0)
    bigdecimal (3.1.9)
    coderay (1.1.3)
    concurrent-ruby (1.3.5)
    connection_pool (2.5.0)
    diff-lcs (1.6.0)
    drb (2.2.1)
    equatable (0.5.0)
    fiber-storage (1.0.0)
    graphql (2.4.11)
      base64
      fiber-storage
      logger
    graphql-client (0.25.0)
      activesupport (>= 3.0)
      graphql (>= 1.13.0)
    i18n (1.14.7)
      concurrent-ruby (~> 1.0)
    logger (1.6.6)
    method_source (1.1.0)
    minitest (5.25.4)
    mutex_m (0.3.0)
    necromancer (0.3.0)
    parser (2.7.1.5)
      ast (~> 2.4.1)
    pastel (0.5.3)
      equatable (~> 0.5.0)
      tty-screen (~> 0.4.3)
    pry (0.15.2)
      coderay (~> 1.1)
      method_source (~> 1.0)
    rspec (3.3.0)
      rspec-core (~> 3.3.0)
      rspec-expectations (~> 3.3.0)
      rspec-mocks (~> 3.3.0)
    rspec-core (3.3.2)
      rspec-support (~> 3.3.0)
    rspec-expectations (3.3.1)
      diff-lcs (>= 1.2.0, < 2.0)
      rspec-support (~> 3.3.0)
    rspec-mocks (3.3.2)
      diff-lcs (>= 1.2.0, < 2.0)
      rspec-support (~> 3.3.0)
    rspec-support (3.3.0)
    securerandom (0.3.2)
    tty (0.2.1)
      equatable (~> 0.5.0)
      necromancer (~> 0.3.0)
      pastel (~> 0.5.1)
      tty-pager (~> 0.3.0)
      tty-platform (~> 0.1.0)
      tty-progressbar (~> 0.7.0)
      tty-screen (~> 0.4.0)
      tty-spinner (~> 0.1.0)
      tty-table (~> 0.4.0)
      tty-which (~> 0.1.0)
    tty-pager (0.3.0)
      tty-screen (~> 0.4.0)
      tty-which (~> 0.1.0)
      verse (~> 0.4.0)
    tty-platform (0.1.0)
    tty-progressbar (0.7.0)
      tty-screen (~> 0.4.0)
    tty-screen (0.4.3)
    tty-spinner (0.1.0)
    tty-table (0.4.0)
      equatable (~> 0.5.0)
      necromancer (~> 0.3.0)
      pastel (~> 0.5.1)
      tty-screen (~> 0.4.0)
      unicode_utils (~> 1.4.0)
      verse (~> 0.4.0)
    tty-which (0.1.0)
    tzinfo (2.0.6)
      concurrent-ruby (~> 1.0)
    unicode_utils (1.4.0)
    verse (0.4.0)
      unicode_utils (~> 1.4.0)

PLATFORMS
  ruby
  x86_64-linux

DEPENDENCIES
  coderay (~> 1.1.0)
  graphql-client
  parser (~> 2.7.1.4)
  pry
  rspec (~> 3.3.0)
  tty (~> 0.2.1)

BUNDLED WITH
   2.4.22
